GEM
  remote: http://rubygems.org/
  specs:
    abstract (1.0.0)
    activesupport (3.0.0)
    addressable (2.2.4)
    builder (3.0.0)
    data_objects (0.10.2)
      addressable (~> 2.1)
    diff-lcs (1.1.2)
    dm-aggregates (1.0.2)
      dm-core (~> 1.0.2)
    dm-core (1.0.2)
      addressable (~> 2.2)
      extlib (~> 0.9.15)
    dm-do-adapter (1.0.2)
      data_objects (~> 0.10.2)
      dm-core (~> 1.0.2)
    dm-is-searchable (1.0.2)
      dm-core (~> 1.0.2)
    dm-is-tree (1.0.2)
      dm-core (~> 1.0.2)
    dm-migrations (1.0.2)
      dm-core (~> 1.0.2)
    dm-pager (1.1.0)
      dm-aggregates (>= 0.10.1)
      dm-core (>= 0.10.1)
    dm-postgres-adapter (1.0.0)
      dm-do-adapter (~> 1.0.0)
      do_postgres (~> 0.10.2)
    dm-sqlite-adapter (1.0.2)
      dm-do-adapter (~> 1.0.2)
      do_sqlite3 (~> 0.10.2)
    dm-tags (1.0.2)
      dm-core (~> 1.0.2)
    dm-timestamps (1.0.2)
      dm-core (~> 1.0.2)
    dm-types (1.0.2)
      dm-core (~> 1.0.2)
      fastercsv (~> 1.5.3)
      json_pure (~> 1.4)
      stringex (~> 1.1.0)
      uuidtools (~> 2.1.1)
    dm-validations (1.0.2)
      dm-core (~> 1.0.2)
    do_postgres (0.10.2)
      data_objects (= 0.10.2)
    do_sqlite3 (0.10.2)
      data_objects (= 0.10.2)
    erubis (2.6.6)
      abstract (>= 1.0.0)
    exceptional (2.0.25)
    extlib (0.9.15)
    fastercsv (1.5.4)
    haml (3.0.18)
    i18n (0.4.1)
    json_pure (1.5.1)
    r18n-core (0.4.9)
    rack (1.2.1)
    rack-flash (0.1.1)
      rack
    rack-test (0.5.4)
      rack (>= 1.0)
    rake (0.8.7)
    rspec (2.5.0)
      rspec-core (~> 2.5.0)
      rspec-expectations (~> 2.5.0)
      rspec-mocks (~> 2.5.0)
    rspec-core (2.5.1)
    rspec-expectations (2.5.0)
      diff-lcs (~> 1.1.2)
    rspec-mocks (2.5.0)
    sinatra (1.1.2)
      rack (~> 1.1)
      tilt (~> 1.2)
    sinatra-content-for (0.2)
      sinatra
    sinatra-r18n (0.4.9)
      r18n-core (= 0.4.9)
    slim (0.8.4)
      temple (~> 0.1.7)
      tilt (~> 1.2)
    stringex (1.1.0)
    temple (0.1.7)
    tilt (1.2.2)
    uuidtools (2.1.1)

PLATFORMS
  ruby

DEPENDENCIES
  activesupport (= 3.0.0)
  builder (= 3.0.0)
  bundler (~> 1.0.7)
  dm-is-searchable (= 1.0.2)
  dm-is-tree (= 1.0.2)
  dm-migrations (= 1.0.2)
  dm-pager (= 1.1.0)
  dm-postgres-adapter (= 1.0.0)
  dm-sqlite-adapter (= 1.0.2)
  dm-tags (= 1.0.2)
  dm-timestamps (= 1.0.2)
  dm-types (= 1.0.2)
  dm-validations (= 1.0.2)
  erubis (= 2.6.6)
  exceptional (= 2.0.25)
  haml (= 3.0.18)
  i18n (= 0.4.1)
  rack-flash (= 0.1.1)
  rack-test (= 0.5.4)
  rake (= 0.8.7)
  rspec (~> 2.5)
  sinatra (= 1.1.2)
  sinatra-content-for (= 0.2)
  sinatra-r18n (= 0.4.9)
  slim
